GEM
  remote: https://rubygems.org/
  specs:
    byebug (11.1.3)
    httparty (0.20.0)
      mime-types (~> 3.0)
      multi_xml (>= 0.5.2)
    mime-types (3.4.1)
      mime-types-data (~> 3.2015)
    mime-types-data (3.2022.0105)
    multi_xml (0.6.0)

PLATFORMS
  ruby

DEPENDENCIES
  byebug
  httparty

RUBY VERSION
   ruby 2.6.6p146

BUNDLED WITH
   1.17.3
